GEM
  remote: https://rubygems.org/
  specs:
    awesome_print (1.2.0)
    clearbit (0.0.7)
      nestful (~> 1.0.7)
    erubis (2.7.0)
    nestful (1.0.7)
    rack (1.5.2)
    rack-protection (1.5.3)
      rack
    sinatra (1.4.5)
      rack (~> 1.4)
      rack-protection (~> 1.4)
      tilt (~> 1.3, >= 1.3.4)
    tilt (1.4.1)

PLATFORMS
  ruby

DEPENDENCIES
  awesome_print
  clearbit
  erubis
  sinatra
